GEM
  remote: http://rubygems.org/
  specs:
    abstract (1.0.0)
    actionmailer (3.0.0.beta3)
      actionpack (= 3.0.0.beta3)
      mail (~> 2.2.0)
      text-format (~> 1.0.0)
    actionpack (3.0.0.beta3)
      activemodel (= 3.0.0.beta3)
      activesupport (= 3.0.0.beta3)
      erubis (~> 2.6.5)
      rack (~> 1.1.0)
      rack-mount (~> 0.6.0)
      rack-test (~> 0.5.0)
    activemodel (3.0.0.beta3)
      activesupport (= 3.0.0.beta3)
    activerecord (3.0.0.beta3)
      activemodel (= 3.0.0.beta3)
      activesupport (= 3.0.0.beta3)
      arel (~> 0.3.3)
    activeresource (3.0.0.beta3)
      activemodel (= 3.0.0.beta3)
      activesupport (= 3.0.0.beta3)
    activesupport (3.0.0.beta3)
      builder (~> 2.1.2)
      i18n (~> 0.3.6)
      memcache-client (>= 1.7.5)
      tzinfo (~> 0.3.16)
    agnostic-will_paginate (3.0.0)
    ar_mailer_rails3 (2.1.9)
    arel (0.3.3)
      activesupport (>= 3.0.0.beta)
    builder (2.1.2)
    ekuseru (0.3.8)
      spreadsheet (>= 0.6)
    erubis (2.6.6)
      abstract (>= 1.0.0)
    fastercsv (1.5.3)
    i18n (0.3.7)
    jnunemaker-validatable (1.8.3)
    json (1.4.6)
    mail (2.2.5)
      activesupport (>= 2.3.6)
      mime-types
      treetop (>= 1.4.5)
    memcache-client (1.8.5)
    mime-types (1.16)
    mongo (0.19.1)
    mongo_ext (0.19.1)
    mongo_mapper (0.7.1)
      activesupport (>= 2.3)
      jnunemaker-validatable (= 1.8.3)
      mongo (= 0.19.1)
    mongo_mapper-rails3 (0.7.0.1)
      activemodel (>= 3.0.0.beta)
      activesupport (>= 3.0.0.beta)
      bundler (>= 0.9.7)
      mongo (>= 0.18.3)
    newrelic_rpm (2.12.3)
    nokogiri (1.4.3.1)
    oauth (0.4.2)
    polyglot (0.3.1)
    rack (1.1.0)
    rack-mount (0.6.12)
      rack (>= 1.0.0)
    rack-test (0.5.4)
      rack (>= 1.0)
    rails (3.0.0.beta3)
      actionmailer (= 3.0.0.beta3)
      actionpack (= 3.0.0.beta3)
      activerecord (= 3.0.0.beta3)
      activeresource (= 3.0.0.beta3)
      activesupport (= 3.0.0.beta3)
      bundler (>= 0.9.19)
      railties (= 3.0.0.beta3)
    railties (3.0.0.beta3)
      actionpack (= 3.0.0.beta3)
      activesupport (= 3.0.0.beta3)
      rake (>= 0.8.3)
      thor (~> 0.13.4)
    rake (0.8.7)
    ruby-ole (1.2.10.1)
    spreadsheet (0.6.4.1)
      ruby-ole
    text-format (1.0.0)
      text-hyphen (~> 1.0.0)
    text-hyphen (1.0.0)
    thor (0.13.8)
    treetop (1.4.8)
      polyglot (>= 0.3.1)
    tzinfo (0.3.23)

PLATFORMS
  ruby

DEPENDENCIES
  agnostic-will_paginate
  ar_mailer_rails3 (= 2.1.9)
  ekuseru
  fastercsv
  json
  mongo_ext (= 0.19.1)
  mongo_mapper (= 0.7.1)
  mongo_mapper-rails3 (= 0.7.0.1)
  newrelic_rpm
  nokogiri
  oauth
  rails (= 3.0.0.beta3)
